GIT
  remote: https://github.com/DFE-Digital/dfe-autocomplete.git
  revision: 1d4cc65039e11cc3ba9e7217a719b8128d0e4d53
  ref: 1d4cc65039e11cc3ba9e7217a719b8128d0e4d53
  specs:
    dfe-autocomplete (0.2.0)
      actionview (>= 7.0.2.3)
      activemodel (>= 7.0.2.3)
      govuk-components
      rails (>= 7.0.2.3)
      view_component

GIT
  remote: https://github.com/alphagov/govuk-forms-markdown.git
  revision: d6712a441d0958524fcfa9dc78157e82f62469d6
  tag: 0.6.0
  specs:
    govuk-forms-markdown (0.6.0)
      redcarpet (~> 3.6)

GEM
  remote: https://rubygems.org/
  specs:
    MailchimpMarketing (3.0.80)
      excon (>= 0.76.0, < 1)
      json (~> 2.1, >= 2.1.0)
    actioncable (8.0.2)
      actionpack (= 8.0.2)
      activesupport (= 8.0.2)
      nio4r (~> 2.0)
      websocket-driver (>= 0.6.1)
      zeitwerk (~> 2.6)
    actionmailbox (8.0.2)
      actionpack (= 8.0.2)
      activejob (= 8.0.2)
      activerecord (= 8.0.2)
      activestorage (= 8.0.2)
      activesupport (= 8.0.2)
      mail (>= 2.8.0)
    actionmailer (8.0.2)
      actionpack (= 8.0.2)
      actionview (= 8.0.2)
      activejob (= 8.0.2)
      activesupport (= 8.0.2)
      mail (>= 2.8.0)
      rails-dom-testing (~> 2.2)
    actionpack (8.0.2)
      actionview (= 8.0.2)
      activesupport (= 8.0.2)
      nokogiri (>= 1.8.5)
      rack (>= 2.2.4)
      rack-session (>= 1.0.1)
      rack-test (>= 0.6.3)
      rails-dom-testing (~> 2.2)
      rails-html-sanitizer (~> 1.6)
      useragent (~> 0.16)
    actiontext (8.0.2)
      actionpack (= 8.0.2)
      activerecord (= 8.0.2)
      activestorage (= 8.0.2)
      activesupport (= 8.0.2)
      globalid (>= 0.6.0)
      nokogiri (>= 1.8.5)
    actionview (8.0.2)
      activesupport (= 8.0.2)
      builder (~> 3.1)
      erubi (~> 1.11)
      rails-dom-testing (~> 2.2)
      rails-html-sanitizer (~> 1.6)
    activejob (8.0.2)
      activesupport (= 8.0.2)
      globalid (>= 0.3.6)
    activemodel (8.0.2)
      activesupport (= 8.0.2)
    activemodel-serializers-xml (1.0.3)
      activemodel (>= 5.0.0.a)
      activesupport (>= 5.0.0.a)
      builder (~> 3.1)
    activerecord (8.0.2)
      activemodel (= 8.0.2)
      activesupport (= 8.0.2)
      timeout (>= 0.4.0)
    activeresource (6.1.4)
      activemodel (>= 6.0)
      activemodel-serializers-xml (~> 1.0)
      activesupport (>= 6.0)
    activestorage (8.0.2)
      actionpack (= 8.0.2)
      activejob (= 8.0.2)
      activerecord (= 8.0.2)
      activesupport (= 8.0.2)
      marcel (~> 1.0)
    activesupport (8.0.2)
      base64
      benchmark (>= 0.3)
      bigdecimal
      concurrent-ruby (~> 1.0, >= 1.3.1)
      connection_pool (>= 2.2.5)
      drb
      i18n (>= 1.6, < 2)
      logger (>= 1.4.2)
      minitest (>= 5.1)
      securerandom (>= 0.3)
      tzinfo (~> 2.0, >= 2.0.5)
      uri (>= 0.13.1)
    acts_as_list (1.2.4)
      activerecord (>= 6.1)
      activesupport (>= 6.1)
    addressable (2.8.7)
      public_suffix (>= 2.0.2, < 7.0)
    ast (2.4.3)
    aws-eventstream (1.4.0)
    aws-partitions (1.1114.0)
    aws-sdk-cloudwatch (1.116.0)
      aws-sdk-core (~> 3, >= 3.225.0)
      aws-sigv4 (~> 1.5)
    aws-sdk-codepipeline (1.101.0)
      aws-sdk-core (~> 3, >= 3.225.0)
      aws-sigv4 (~> 1.5)
    aws-sdk-core (3.225.1)
      aws-eventstream (~> 1, >= 1.3.0)
      aws-partitions (~> 1, >= 1.992.0)
      aws-sigv4 (~> 1.9)
      base64
      jmespath (~> 1, >= 1.6.1)
      logger
    aws-sigv4 (1.12.0)
      aws-eventstream (~> 1, >= 1.0.2)
    axe-core-api (4.10.3)
      dumb_delegator
      ostruct
      virtus
    axe-core-rspec (4.10.3)
      axe-core-api (= 4.10.3)
      dumb_delegator
      ostruct
      virtus
    axiom-types (0.1.1)
      descendants_tracker (~> 0.0.4)
      ice_nine (~> 0.11.0)
      thread_safe (~> 0.3, >= 0.3.1)
    base64 (0.3.0)
    benchmark (0.4.1)
    bigdecimal (3.2.2)
    bootsnap (1.18.6)
      msgpack (~> 1.2)
    brakeman (7.0.2)
      racc
    builder (3.3.0)
    bundler-audit (0.9.2)
      bundler (>= 1.2.0, < 3)
      thor (~> 1.0)
    capybara (3.40.0)
      addressable
      matrix
      mini_mime (>= 0.1.3)
      nokogiri (~> 1.11)
      rack (>= 1.6.0)
      rack-test (>= 0.6.3)
      regexp_parser (>= 1.5, < 3.0)
      xpath (~> 3.2)
    coercible (1.0.0)
      descendants_tracker (~> 0.0.1)
    concurrent-ruby (1.3.5)
    config (5.6.1)
      deep_merge (~> 1.2, >= 1.2.1)
      ostruct
    connection_pool (2.5.3)
    crack (1.0.0)
      bigdecimal
      rexml
    crass (1.0.6)
    csv (3.3.5)
    cuprite (0.17)
      capybara (~> 3.0)
      ferrum (~> 0.17.0)
    date (3.4.1)
    debug (1.11.0)
      irb (~> 1.10)
      reline (>= 0.3.8)
    deep_merge (1.2.2)
    descendants_tracker (0.0.4)
      thread_safe (~> 0.3, >= 0.3.1)
    diff-lcs (1.6.2)
    docile (1.4.0)
    drb (2.2.3)
    dry-cli (1.2.0)
    dumb_delegator (1.1.0)
    erb (5.0.1)
    erubi (1.13.1)
    excon (0.109.0)
    factory_bot (6.5.4)
      activesupport (>= 6.1.0)
    factory_bot_rails (6.5.0)
      factory_bot (~> 6.5)
      railties (>= 6.1.0)
    faker (3.5.2)
      i18n (>= 1.8.11, < 2)
    faraday (2.12.2)
      faraday-net_http (>= 2.0, < 3.5)
      json
      logger
    faraday-net_http (3.4.0)
      net-http (>= 0.5.0)
    ferrum (0.17.1)
      addressable (~> 2.5)
      base64 (~> 0.2)
      concurrent-ruby (~> 1.1)
      webrick (~> 1.7)
      websocket-driver (~> 0.7)
    gds-sso (20.0.0)
      oauth2 (~> 2.0)
      omniauth (~> 2.1)
      omniauth-oauth2 (~> 1.8)
      plek (>= 5)
      rails (>= 7)
      warden (~> 1.2)
      warden-oauth2 (~> 0.0.1)
    globalid (1.2.1)
      activesupport (>= 6.1)
    govuk-components (5.11.1)
      html-attributes-utils (~> 1.0.0, >= 1.0.0)
      pagy (>= 6, < 10)
      view_component (>= 3.18, < 3.24)
    govuk_design_system_formbuilder (5.11.0)
      actionview (>= 6.1)
      activemodel (>= 6.1)
      activesupport (>= 6.1)
      html-attributes-utils (~> 1)
    govuk_notify_rails (3.0.0)
      notifications-ruby-client (~> 6.2)
      rails (>= 4.1.0)
    hashdiff (1.1.2)
    hashie (5.0.0)
    highline (3.1.2)
      reline
    html-attributes-utils (1.0.2)
      activesupport (>= 6.1.4.4)
    i18n (1.14.7)
      concurrent-ruby (~> 1.0)
    i18n-tasks (1.0.15)
      activesupport (>= 4.0.2)
      ast (>= 2.1.0)
      erubi
      highline (>= 2.0.0)
      i18n
      parser (>= 3.2.2.1)
      rails-i18n
      rainbow (>= 2.2.2, < 4.0)
      ruby-progressbar (~> 1.8, >= 1.8.1)
      terminal-table (>= 1.5.1)
    ice_nine (0.11.2)
    io-console (0.8.0)
    irb (1.15.2)
      pp (>= 0.6.0)
      rdoc (>= 4.0.0)
      reline (>= 0.4.2)
    jmespath (1.6.2)
    json (2.12.2)
    jwt (2.10.1)
      base64
    language_server-protocol (3.17.0.5)
    lint_roller (1.1.0)
    logger (1.7.0)
    lograge (0.14.0)
      actionpack (>= 4)
      activesupport (>= 4)
      railties (>= 4)
      request_store (~> 1.0)
    loofah (2.24.1)
      crass (~> 1.0.2)
      nokogiri (>= 1.12.0)
    mail (2.8.1)
      mini_mime (>= 0.1.1)
      net-imap
      net-pop
      net-smtp
    marcel (1.0.4)
    matrix (0.4.2)
    method_source (1.1.0)
    mini_mime (1.1.5)
    minitest (5.25.5)
    msgpack (1.8.0)
    multi_xml (0.7.1)
      bigdecimal (~> 3.1)
    mutex_m (0.3.0)
    net-http (0.6.0)
      uri
    net-imap (0.5.7)
      date
      net-protocol
    net-pop (0.1.2)
      net-protocol
    net-protocol (0.2.2)
      timeout
    net-smtp (0.5.1)
      net-protocol
    nio4r (2.7.4)
    nokogiri (1.18.8-aarch64-linux-gnu)
      racc (~> 1.4)
    nokogiri (1.18.8-aarch64-linux-musl)
      racc (~> 1.4)
    nokogiri (1.18.8-arm-linux-gnu)
      racc (~> 1.4)
    nokogiri (1.18.8-arm-linux-musl)
      racc (~> 1.4)
    nokogiri (1.18.8-arm64-darwin)
      racc (~> 1.4)
    nokogiri (1.18.8-x86_64-darwin)
      racc (~> 1.4)
    nokogiri (1.18.8-x86_64-linux-gnu)
      racc (~> 1.4)
    nokogiri (1.18.8-x86_64-linux-musl)
      racc (~> 1.4)
    notifications-ruby-client (6.2.0)
      jwt (>= 1.5, < 3)
    oauth2 (2.0.9)
      faraday (>= 0.17.3, < 3.0)
      jwt (>= 1.0, < 3.0)
      multi_xml (~> 0.5)
      rack (>= 1.2, < 4)
      snaky_hash (~> 2.0)
      version_gem (~> 1.1)
    omniauth (2.1.3)
      hashie (>= 3.4.6)
      rack (>= 2.2.3)
      rack-protection
    omniauth-auth0 (3.1.1)
      omniauth (~> 2)
      omniauth-oauth2 (~> 1)
    omniauth-oauth2 (1.8.0)
      oauth2 (>= 1.4, < 3)
      omniauth (~> 2.0)
    omniauth-rails_csrf_protection (1.0.2)
      actionpack (>= 4.2)
      omniauth (~> 2.0)
    ostruct (0.6.2)
    pagy (9.3.4)
    paper_trail (16.0.0)
      activerecord (>= 6.1)
      request_store (~> 1.4)
    parallel (1.27.0)
    parser (3.3.8.0)
      ast (~> 2.4.1)
      racc
    pg (1.5.9)
    plek (5.2.1)
    pp (0.6.2)
      prettyprint
    prettyprint (0.2.0)
    prism (1.4.0)
    psych (5.2.6)
      date
      stringio
    public_suffix (6.0.2)
    puma (6.6.0)
      nio4r (~> 2.0)
    pundit (2.5.0)
      activesupport (>= 3.0.0)
    pundit-matchers (4.0.0)
      rspec-core (~> 3.12)
      rspec-expectations (~> 3.12)
      rspec-mocks (~> 3.12)
      rspec-support (~> 3.12)
    racc (1.8.1)
    rack (3.1.16)
    rack-protection (4.1.1)
      base64 (>= 0.1.0)
      logger (>= 1.6.0)
      rack (>= 3.0.0, < 4)
    rack-proxy (0.7.7)
      rack
    rack-session (2.1.1)
      base64 (>= 0.1.0)
      rack (>= 3.0.0)
    rack-test (2.2.0)
      rack (>= 1.3)
    rackup (2.2.1)
      rack (>= 3)
    rails (8.0.2)
      actioncable (= 8.0.2)
      actionmailbox (= 8.0.2)
      actionmailer (= 8.0.2)
      actionpack (= 8.0.2)
      actiontext (= 8.0.2)
      actionview (= 8.0.2)
      activejob (= 8.0.2)
      activemodel (= 8.0.2)
      activerecord (= 8.0.2)
      activestorage (= 8.0.2)
      activesupport (= 8.0.2)
      bundler (>= 1.15.0)
      railties (= 8.0.2)
    rails-controller-testing (1.0.5)
      actionpack (>= 5.0.1.rc1)
      actionview (>= 5.0.1.rc1)
      activesupport (>= 5.0.1.rc1)
    rails-dom-testing (2.3.0)
      activesupport (>= 5.0.0)
      minitest
      nokogiri (>= 1.6)
    rails-html-sanitizer (1.6.2)
      loofah (~> 2.21)
      nokogiri (>= 1.15.7, != 1.16.7, != 1.16.6, != 1.16.5, != 1.16.4, != 1.16.3, != 1.16.2, != 1.16.1, != 1.16.0.rc1, != 1.16.0)
    rails-i18n (8.0.1)
      i18n (>= 0.7, < 2)
      railties (>= 8.0.0, < 9)
    railties (8.0.2)
      actionpack (= 8.0.2)
      activesupport (= 8.0.2)
      irb (~> 1.13)
      rackup (>= 1.0.0)
      rake (>= 12.2)
      thor (~> 1.0, >= 1.2.2)
      zeitwerk (~> 2.6)
    rainbow (3.1.1)
    rake (13.3.0)
    rdoc (6.14.1)
      erb
      psych (>= 4.0.0)
    redcarpet (3.6.1)
    regexp_parser (2.10.0)
    reline (0.6.1)
      io-console (~> 0.5)
    request_store (1.7.0)
      rack (>= 1.4)
    rexml (3.4.1)
    rspec-core (3.13.4)
      rspec-support (~> 3.13.0)
    rspec-expectations (3.13.5)
      diff-lcs (>= 1.2.0, < 2.0)
      rspec-support (~> 3.13.0)
    rspec-mocks (3.13.5)
      diff-lcs (>= 1.2.0, < 2.0)
      rspec-support (~> 3.13.0)
    rspec-rails (8.0.1)
      actionpack (>= 7.2)
      activesupport (>= 7.2)
      railties (>= 7.2)
      rspec-core (~> 3.13)
      rspec-expectations (~> 3.13)
      rspec-mocks (~> 3.13)
      rspec-support (~> 3.13)
    rspec-support (3.13.4)
    rubocop (1.78.0)
      json (~> 2.3)
      language_server-protocol (~> 3.17.0.2)
      lint_roller (~> 1.1.0)
      parallel (~> 1.10)
      parser (>= 3.3.0.2)
      rainbow (>= 2.2.2, < 4.0)
      regexp_parser (>= 2.9.3, < 3.0)
      rubocop-ast (>= 1.45.1, < 2.0)
      ruby-progressbar (~> 1.7)
      unicode-display_width (>= 2.4.0, < 4.0)
    rubocop-ast (1.45.1)
      parser (>= 3.3.7.2)
      prism (~> 1.4)
    rubocop-capybara (2.22.1)
      lint_roller (~> 1.1)
      rubocop (~> 1.72, >= 1.72.1)
    rubocop-govuk (5.1.17)
      rubocop (= 1.78.0)
      rubocop-ast (= 1.45.1)
      rubocop-capybara (= 2.22.1)
      rubocop-rails (= 2.32.0)
      rubocop-rake (= 0.7.1)
      rubocop-rspec (= 3.6.0)
    rubocop-rails (2.32.0)
      activesupport (>= 4.2.0)
      lint_roller (~> 1.1)
      rack (>= 1.1)
      rubocop (>= 1.75.0, < 2.0)
      rubocop-ast (>= 1.44.0, < 2.0)
    rubocop-rake (0.7.1)
      lint_roller (~> 1.1)
      rubocop (>= 1.72.1)
    rubocop-rspec (3.6.0)
      lint_roller (~> 1.1)
      rubocop (~> 1.72, >= 1.72.1)
    ruby-progressbar (1.13.0)
    rubyzip (2.4.1)
    securerandom (0.4.1)
    selenium-webdriver (4.34.0)
      base64 (~> 0.2)
      logger (~> 1.4)
      rexml (~> 3.2, >= 3.2.5)
      rubyzip (>= 1.2.2, < 3.0)
      websocket (~> 1.0)
    sentry-rails (5.26.0)
      railties (>= 5.0)
      sentry-ruby (~> 5.26.0)
    sentry-ruby (5.26.0)
      bigdecimal
      concurrent-ruby (~> 1.0, >= 1.0.2)
    simplecov (0.22.0)
      docile (~> 1.1)
      simplecov-html (~> 0.11)
      simplecov_json_formatter (~> 0.1)
    simplecov-html (0.12.3)
    simplecov_json_formatter (0.1.4)
    snaky_hash (2.0.1)
      hashie
      version_gem (~> 1.1, >= 1.1.1)
    stringio (3.1.7)
    terminal-table (4.0.0)
      unicode-display_width (>= 1.1.1, < 4)
    thor (1.3.2)
    thread_safe (0.3.6)
    timeout (0.4.3)
    tzinfo (2.0.6)
      concurrent-ruby (~> 1.0)
    tzinfo-data (1.2025.2)
      tzinfo (>= 1.0.0)
    unicode-display_width (3.1.4)
      unicode-emoji (~> 4.0, >= 4.0.4)
    unicode-emoji (4.0.4)
    uri (1.0.3)
    useragent (0.16.11)
    validate_url (1.0.15)
      activemodel (>= 3.0.0)
      public_suffix
    version_gem (1.1.6)
    view_component (3.23.2)
      activesupport (>= 5.2.0, < 8.1)
      concurrent-ruby (~> 1)
      method_source (~> 1.0)
    virtus (2.0.0)
      axiom-types (~> 0.1)
      coercible (~> 1.0)
      descendants_tracker (~> 0.0, >= 0.0.3)
    vite_rails (3.0.19)
      railties (>= 5.1, < 9)
      vite_ruby (~> 3.0, >= 3.2.2)
    vite_ruby (3.9.2)
      dry-cli (>= 0.7, < 2)
      logger (~> 1.6)
      mutex_m
      rack-proxy (~> 0.6, >= 0.6.1)
      zeitwerk (~> 2.2)
    warden (1.2.9)
      rack (>= 2.0.9)
    warden-oauth2 (0.0.1)
      warden
    webmock (3.25.1)
      addressable (>= 2.8.0)
      crack (>= 0.3.2)
      hashdiff (>= 0.4.0, < 2.0.0)
    webrick (1.9.1)
    websocket (1.2.11)
    websocket-driver (0.7.7)
      base64
      websocket-extensions (>= 0.1.0)
    websocket-extensions (0.1.5)
    xpath (3.2.0)
      nokogiri (~> 1.8)
    zeitwerk (2.7.3)

PLATFORMS
  aarch64-linux-gnu
  aarch64-linux-musl
  arm-linux-gnu
  arm-linux-musl
  arm64-darwin
  x86_64-darwin
  x86_64-linux-gnu
  x86_64-linux-musl

DEPENDENCIES
  MailchimpMarketing (~> 3.0)
  activeresource (~> 6.1)
  acts_as_list
  aws-sdk-cloudwatch (~> 1.116)
  aws-sdk-codepipeline (~> 1.101)
  axe-core-rspec
  bootsnap
  brakeman (~> 7.0.2)
  bundler-audit (~> 0.9.2)
  capybara
  config
  csv
  cuprite
  debug
  dfe-autocomplete!
  factory_bot_rails
  faker
  gds-sso
  govuk-components
  govuk-forms-markdown!
  govuk_design_system_formbuilder
  govuk_notify_rails
  i18n-tasks (~> 1.0.15)
  lograge
  omniauth-auth0
  omniauth-rails_csrf_protection
  paper_trail
  pg (~> 1.5)
  puma (~> 6.6.0)
  pundit
  pundit-matchers
  rails (= 8.0.2)
  rails-controller-testing
  rspec-rails (>= 3.9.0)
  rubocop-govuk
  selenium-webdriver
  sentry-rails
  sentry-ruby
  simplecov (~> 0.22.0)
  tzinfo
  tzinfo-data
  validate_url
  vite_rails
  warden
  webmock

RUBY VERSION
   ruby 3.4.1p0

BUNDLED WITH
   2.6.3
